GEM
  remote: https://rubygems.org/
  specs:
    colorize (0.8.1)
    json (2.1.0)
    redis (4.0.1)

PLATFORMS
  ruby

DEPENDENCIES
  colorize
  json
  redis

BUNDLED WITH
   1.16.0
